GIT
  remote: git://github.com/tachyons/bmtc.git
  revision: 9d258bf430469611f7c14a0f66badf65286dc6b4
  branch: master
  specs:
    bmtc (0.1.2)
      httparty
      json

GIT
  remote: git://github.com/tachyons/botframework-ruby.git
  revision: 11b6ad592ea5ff680f7ede1889bdc1569d80849b
  branch: master
  specs:
    bot_framework (0.1.0beta)
      httparty
      jwt
      oauth2
      rack

GIT
  remote: git://github.com/tachyons/luis.git
  revision: 3bbb3c08b6e915ef0674ae6e4c4dda6df4920c46
  branch: master
  specs:
    luis (0.1.1beta)
      httparty

GEM
  remote: https://rubygems.org/
  specs:
    coderay (1.1.1)
    faraday (0.9.2)
      multipart-post (>= 1.2, < 3)
    httparty (0.14.0)
      multi_xml (>= 0.5.2)
    json (2.0.2)
    jwt (1.5.6)
    method_source (0.8.2)
    multi_json (1.12.1)
    multi_xml (0.5.5)
    multipart-post (2.0.0)
    oauth2 (1.2.0)
      faraday (>= 0.8, < 0.10)
      jwt (~> 1.0)
      multi_json (~> 1.3)
      multi_xml (~> 0.5)
      rack (>= 1.2, < 3)
    pry (0.10.4)
      coderay (~> 1.1.0)
      method_source (~> 0.8.1)
      slop (~> 3.4)
    puma (3.6.0)
    rack (2.0.1)
    slop (3.6.0)

PLATFORMS
  ruby

DEPENDENCIES
  bmtc!
  bot_framework!
  luis!
  pry
  puma

RUBY VERSION
   ruby 2.3.1p112

BUNDLED WITH
   1.12.5
